{
    "Modality": "PT",
    "Manufacturer": "Siemens",
    "ManufacturersModelName": "petmct1",
    "InstitutionName": "NIH Clinical Center",
    "InstitutionalDepartmentName": "PET petmct1",
    "InstitutionAddress": "10 Center Drive, Bethesda, MD 20892",
    "DeviceSerialNumber": "11048",
    "StationName": "CTAWP71179",
    "PatientPosition": "FFS",
    "SoftwareVersions": "VG62B",
    "SeriesDescription": "PET_Brain_Dyn_TOF",
    "ProtocolName": "PET_Brain_Dyn_TOF",
    "ImageType": [
        "ORIGINAL",
        "PRIMARY"
    ],
    "SeriesNumber": 5,
    "AcquisitionNumber": 2001,
    "ImageComments": "Frame 1 of 33^AC_CT_Brain",
    "Radiopharmaceutical": "mc1",
    "RadionuclidePositronFraction": 0.997669,
    "RadionuclideTotalDose": 734820000.0,
    "RadionuclideHalfLife": 1220.04,
    "DoseCalibrationFactor": 30879200.0,
    "Units": "Bq/mL",
    "DecayCorrection": "ADMIN",
    "AttenuationCorrectionMethod": "measured,AC_CT_Brain",
    "DecayFactor": [
        1.01085,
        1.02823,
        1.04591,
        1.06388,
        1.08217,
        1.10078,
        1.12928,
        1.16844,
        1.20896,
        1.27238,
        1.36215,
        1.53476,
        1.81996,
        2.15816,
        2.5592,
        3.03477,
        3.59871,
        4.26745,
        5.06046,
        6.00083,
        7.11594,
        8.43827,
        10.0063,
        11.8658,
        14.0708,
        16.6855,
        19.7861,
        23.4629,
        27.8229,
        32.9932,
        39.1242,
        46.3946,
        55.0159
    ],
    "FrameTimesStart": [
        0,
        30,
        60,
        90,
        120,
        150,
        180,
        240,
        300,
        360,
        480,
        600,
        900,
        1200,
        1500,
        1800,
        2100,
        2400,
        2700,
        3000,
        3300,
        3600,
        3900,
        4200,
        4500,
        4800,
        5100,
        5400,
        5700,
        6000,
        6300,
        6600,
        6900
    ],
    "FrameDuration": [
        30,
        30,
        30,
        30,
        30,
        30,
        60,
        60,
        60,
        120,
        120,
        300,
        300,
        300,
        300,
        300,
        300,
        300,
        300,
        300,
        300,
        300,
        300,
        300,
        300,
        300,
        300,
        300,
        300,
        300,
        300,
        300,
        300
    ],
    "FrameReferenceTime": [
        14.9787,
        44.9787,
        74.9787,
        104.979,
        134.979,
        164.979,
        209.915,
        269.915,
        329.915,
        419.659,
        539.659,
        747.87,
        1047.87,
        1347.87,
        1647.87,
        1947.87,
        2247.87,
        2547.87,
        2847.87,
        3147.87,
        3447.87,
        3747.87,
        4047.87,
        4347.87,
        4647.87,
        4947.87,
        5247.87,
        5547.87,
        5847.87,
        6147.87,
        6447.87,
        6747.87,
        7047.87
    ],
    "SliceThickness": 2,
    "ImageOrientationPatientDICOM": [
        1,
        0,
        0,
        0,
        1,
        0
    ],
    "ConversionSoftware": [
        "dcm2niix",
        "pypet2bids"
    ],
    "ConversionSoftwareVersion": [
        "v1.0.20220720",
        "1.2.5"
    ],
    "ReconMethodName": "Point-Spread Function modelling Time Of Flight",
    "ReconMethodParameterUnits": [
        "none",
        "none"
    ],
    "ReconMethodParameterLabels": [
        "subsets",
        "iterations"
    ],
    "ReconMethodParameterValues": [
        21,
        3
    ],
    "AttenuationCorrection": "measured,AC_CT_Brain",
    "ScatterFraction": [
        0.274506
    ],
    "DecayCorrectionFactor": [
        1.0638844
    ],
    "TimeZero": "11:06:53",
    "ScanStart": 0,
    "InjectionStart": 0,
    "TracerName": "MC1",
    "TracerRadionuclide": "11C",
    "InjectedRadioactivity": 734080.0,
    "InjectedRadioactivityUnits": "kBq",
    "InjectedMass": 42.08982277375474,
    "InjectedMassUnits": "nmol",
    "SpecificRadioactivity": 17.440795698900832,
    "SpecificRadioactivityUnits": "MBq/nmol",
    "ModeOfAdministration": "bolus",
    "AcquisitionMode": "list mode",
    "ImageDecayCorrected": true,
    "ImageDecayCorrectionTime": 0.0,
    "ReconFilterSize": 2.0,
    "ReconFilterType": "XYZ Gauss0"
}