{
	"Modality": "MR",
	"MagneticFieldStrength": 3,
	"ImagingFrequency": 127.824,
	"Manufacturer": "GE",
	"ManufacturersModelName": "DISCOVERY MR750",
	"InstitutionName": "NIH FMRIF",
	"DeviceSerialNumber": "000301496MR3T5MR",
	"StationName": "fmrif3ta",
	"BodyPartExamined": "BRAIN",
	"PatientPosition": "HFS",
	"ProcedureStepDescription": "MRI Procedure Limited",
	"SoftwareVersions": "27\\LX\\MR Software release:DV26.0_R03_1831.b",
	"MRAcquisitionType": "3D",
	"SeriesDescription": "anat_t1w_mp_rage_1mm",
	"ProtocolName": "[XT-ID:01-M-0192] MAP-3P",
	"ScanningSequence": "RM",
	"SequenceVariant": "NONE",
	"ScanOptions": "EDR_GEMS\\FILTERED_GEMS\\ACC_GEMS\\IR_GEMS",
	"ImageType": ["ORIGINAL", "PRIMARY", "OTHER"],
	"SeriesNumber": 9,
	"AcquisitionTime": "14:52:10.000000",
	"AcquisitionNumber": 1,
	"SliceThickness": 1,
	"SpacingBetweenSlices": 1,
	"SAR": 0.0727313,
	"EchoTime": 0.003476,
	"RepetitionTime": 0.00766,
	"InversionTime": 0.9,
	"FlipAngle": 7,
	"CoilString": "32Ch Head",
	"PercentPhaseFOV": 100,
	"PercentSampling": 100,
	"AcquisitionMatrixPE": 256,
	"ReconMatrixPE": 256,
	"PixelBandwidth": 195.312,
	"ImageOrientationPatientDICOM": [
		-0,
		1,
		0,
		-0,
		-0,
		-1	],
	"InPlanePhaseEncodingDirectionDICOM": "ROW",
	"ConversionSoftware": "dcm2niix",
	"ConversionSoftwareVersion": "v1.0.20220720"
}
