{
    "Modality": "PT",
    "Manufacturer": "Siemens",
    "ManufacturersModelName": "petmct2",
    "InstitutionName": "NIH Clinical Center",
    "InstitutionalDepartmentName": "PET petmct2",
    "InstitutionAddress": "10 Center Drive, Bethesda, MD 20892",
    "DeviceSerialNumber": "60005",
    "StationName": "MIAWP60005",
    "PatientPosition": "FFS",
    "SoftwareVersions": "VG62B",
    "SeriesDescription": "PET Brain Dyn TOF",
    "ProtocolName": "PET Brain Dyn TOF",
    "ImageType": [
        "ORIGINAL",
        "PRIMARY"
    ],
    "SeriesNumber": 5,
    "AcquisitionNumber": 2001,
    "ImageComments": "Frame 1 of 27^AC_CT_Brain",
    "Radiopharmaceutical": "mc1",
    "RadionuclidePositronFraction": 0.997669,
    "RadionuclideTotalDose": 518370000.0,
    "RadionuclideHalfLife": 1220.04,
    "DoseCalibrationFactor": 31261100.0,
    "Units": "Bq/mL",
    "DecayCorrection": "ADMIN",
    "AttenuationCorrectionMethod": "measured,AC_CT_Brain",
    "DecayFactor": [
        1.01028,
        1.02765,
        1.04531,
        1.06328,
        1.08156,
        1.10015,
        1.12864,
        1.16778,
        1.20827,
        1.27166,
        1.36138,
        1.53389,
        1.81893,
        2.15693,
        2.55775,
        3.03305,
        3.59667,
        4.26503,
        5.05758,
        5.99742,
        7.1119,
        8.43348,
        10.0007,
        11.859,
        14.0628,
        16.676,
        19.7749
    ],
    "FrameTimesStart": [
        0,
        30,
        60,
        90,
        120,
        150,
        180,
        240,
        300,
        360,
        480,
        600,
        900,
        1200,
        1500,
        1800,
        2100,
        2400,
        2700,
        3000,
        3300,
        3600,
        3900,
        4200,
        4500,
        4800,
        5100
    ],
    "FrameDuration": [
        30,
        30,
        30,
        30,
        30,
        30,
        60,
        60,
        60,
        120,
        120,
        300,
        300,
        300,
        300,
        300,
        300,
        300,
        300,
        300,
        300,
        300,
        300,
        300,
        300,
        300,
        300
    ],
    "FrameReferenceTime": [
        14.9787,
        44.9787,
        74.9787,
        104.979,
        134.979,
        164.979,
        209.915,
        269.915,
        329.915,
        419.659,
        539.659,
        747.87,
        1047.87,
        1347.87,
        1647.87,
        1947.87,
        2247.87,
        2547.87,
        2847.87,
        3147.87,
        3447.87,
        3747.87,
        4047.87,
        4347.87,
        4647.87,
        4947.87,
        5247.87
    ],
    "SliceThickness": 2,
    "ImageOrientationPatientDICOM": [
        1,
        0,
        0,
        0,
        1,
        0
    ],
    "ConversionSoftware": [
        "dcm2niix",
        "pypet2bids"
    ],
    "ConversionSoftwareVersion": [
        "v1.0.20220720",
        "1.2.5"
    ],
    "ReconMethodName": "Point-Spread Function modelling Time Of Flight",
    "ReconMethodParameterUnits": [
        "none",
        "none"
    ],
    "ReconMethodParameterLabels": [
        "subsets",
        "iterations"
    ],
    "ReconMethodParameterValues": [
        21,
        3
    ],
    "AttenuationCorrection": "measured,AC_CT_Brain",
    "ScatterFraction": [
        0.255049
    ],
    "DecayCorrectionFactor": [
        1.0102789
    ],
    "TimeZero": "12:52:48",
    "ScanStart": 0,
    "InjectionStart": 0,
    "TracerName": "MC1",
    "TracerRadionuclide": "11C",
    "InjectedRadioactivity": 518370.0,
    "InjectedRadioactivityUnits": "kBq",
    "InjectedMass": 3.309759720346616,
    "InjectedMassUnits": "nmol",
    "SpecificRadioactivity": 156.61862002046283,
    "SpecificRadioactivityUnits": "MBq/nmol",
    "ModeOfAdministration": "bolus",
    "AcquisitionMode": "list mode",
    "ImageDecayCorrected": true,
    "ImageDecayCorrectionTime": 0.0,
    "ReconFilterSize": 2.0,
    "ReconFilterType": "XYZ Gauss0"
}