{
	"Modality": "MR",
	"MagneticFieldStrength": 3,
	"ImagingFrequency": 127.752,
	"Manufacturer": "Philips",
	"ManufacturersModelName": "Achieva",
	"InstitutionName": "NIH Clinical Center",
	"InstitutionalDepartmentName": "Radiology MR4",
	"DeviceSerialNumber": "17461",
	"StationName": "PHILIPS-GALPT32",
	"BodyPartExamined": "BRAIN",
	"PatientPosition": "HFS",
	"ProcedureStepDescription": "MRI Brain",
	"SoftwareVersions": "5.7.1\\5.7.1.1",
	"MRAcquisitionType": "3D",
	"SeriesDescription": "3D T1 TFE SAG 1",
	"ProtocolName": "3D T1 TFE SAG 1",
	"ScanningSequence": "GR",
	"SequenceVariant": "MP",
	"ScanOptions": "OTHER",
	"ImageType": ["ORIGINAL", "PRIMARY", "M", "FFE", "M", "FFE"],
	"SeriesNumber": 401,
	"AcquisitionTime": "07:27:40.090000",
	"AcquisitionNumber": 4,
	"PhilipsRWVSlope": 2.7326,
	"PhilipsRWVIntercept": 0,
	"SliceThickness": 1,
	"SpacingBetweenSlices": 1,
	"SAR": 0.0149849,
	"EchoTime": 0.003765,
	"RepetitionTime": 0.0082205,
	"FlipAngle": 8,
	"CoilString": "SENSE_HEAD_8",
	"PercentPhaseFOV": 100,
	"PercentSampling": 100,
	"EchoTrainLength": 240,
	"PhaseEncodingSteps": 240,
	"AcquisitionMatrixPE": 240,
	"ReconMatrixPE": 256,
	"AcquisitionDuration": 509.021,
	"PixelBandwidth": 191,
	"PhaseEncodingAxis": "i",
	"ImageOrientationPatientDICOM": [
		0.0783535,
		0.99624,
		0.0369753,
		0.0604205,
		0.0322756,
		-0.997651	],
	"InPlanePhaseEncodingDirectionDICOM": "ROW",
	"ConversionSoftware": "dcm2niix",
	"ConversionSoftwareVersion": "v1.0.20220720"
}
