{
	"Modality": "MR",
	"MagneticFieldStrength": 3,
	"ImagingFrequency": 127.747,
	"Manufacturer": "Philips",
	"ManufacturersModelName": "Achieva",
	"InstitutionName": "NIH Clinical Center",
	"InstitutionalDepartmentName": "Radiology MR4",
	"DeviceSerialNumber": "17461",
	"StationName": "PHILIPS-GALPT32",
	"BodyPartExamined": "BRAIN",
	"PatientPosition": "HFS",
	"ProcedureStepDescription": "MRI Brain",
	"SoftwareVersions": "5.7.1\\5.7.1.1",
	"MRAcquisitionType": "3D",
	"SeriesDescription": "3D T1 TFE SAG",
	"ProtocolName": "3D T1 TFE SAG",
	"ScanningSequence": "GR",
	"SequenceVariant": "MP",
	"ScanOptions": "OTHER",
	"ImageType": ["ORIGINAL", "PRIMARY", "M", "FFE", "M", "FFE"],
	"SeriesNumber": 301,
	"AcquisitionTime": "14:10:40.180000",
	"AcquisitionNumber": 3,
	"PhilipsRWVSlope": 2.99853,
	"PhilipsRWVIntercept": 0,
	"SliceThickness": 1,
	"SpacingBetweenSlices": 1,
	"SAR": 0.0149849,
	"EchoTime": 0.003731,
	"RepetitionTime": 0.0081349,
	"FlipAngle": 8,
	"CoilString": "SENSE_HEAD_8",
	"PercentPhaseFOV": 100,
	"PercentSampling": 100,
	"EchoTrainLength": 240,
	"PhaseEncodingSteps": 240,
	"AcquisitionMatrixPE": 240,
	"ReconMatrixPE": 256,
	"AcquisitionDuration": 509,
	"PixelBandwidth": 191,
	"PhaseEncodingAxis": "i",
	"ImageOrientationPatientDICOM": [
		0.0218843,
		0.999337,
		0.0291031,
		-0.0330548,
		0.0298174,
		-0.999009	],
	"InPlanePhaseEncodingDirectionDICOM": "ROW",
	"ConversionSoftware": "dcm2niix",
	"ConversionSoftwareVersion": "v1.0.20220720"
}
