{
    "Modality": "PT",
    "Manufacturer": "Siemens",
    "ManufacturersModelName": "PET petmct2",
    "InstitutionName": "NIH Clinical Center",
    "InstitutionalDepartmentName": "PET petmct2",
    "InstitutionAddress": "10 Center Drive, Bethesda, MD 20892",
    "DeviceSerialNumber": "60005",
    "StationName": "MIAWP60005",
    "PatientPosition": "FFS",
    "SoftwareVersions": "VG62B",
    "SeriesDescription": "PET Brain MC1 Dyn TOF",
    "ProtocolName": "PET Brain MC1 Dyn TOF",
    "ImageType": [
        "ORIGINAL",
        "PRIMARY"
    ],
    "SeriesNumber": 5,
    "AcquisitionNumber": 2001,
    "ImageComments": "Frame 1 of 33^AC_CT_Brain",
    "Radiopharmaceutical": "mc1",
    "RadionuclidePositronFraction": 0.997669,
    "RadionuclideTotalDose": 593110000.0,
    "RadionuclideHalfLife": 1220.04,
    "DoseCalibrationFactor": 31090200.0,
    "Units": "Bq/mL",
    "DecayCorrection": "ADMIN",
    "AttenuationCorrectionMethod": "measured,AC_CT_Brain",
    "DecayFactor": [
        1.01143,
        1.02881,
        1.0465,
        1.06449,
        1.08279,
        1.1014,
        1.12992,
        1.1691,
        1.20964,
        1.2731,
        1.36293,
        1.53563,
        1.82099,
        2.15938,
        2.56065,
        3.03649,
        3.60076,
        4.26987,
        5.06333,
        6.00424,
        7.11998,
        8.44307,
        10.012,
        11.8725,
        14.0788,
        16.695,
        19.7974,
        23.4762,
        27.8388,
        33.0119,
        39.1465,
        46.4209,
        55.0472
    ],
    "FrameTimesStart": [
        0,
        30,
        60,
        90,
        120,
        150,
        180,
        240,
        300,
        360,
        480,
        600,
        900,
        1200,
        1500,
        1800,
        2100,
        2400,
        2700,
        3000,
        3300,
        3600,
        3900,
        4200,
        4500,
        4800,
        5100,
        5400,
        5700,
        6000,
        6300,
        6600,
        6900
    ],
    "FrameDuration": [
        30,
        30,
        30,
        30,
        30,
        30,
        60,
        60,
        60,
        120,
        120,
        300,
        300,
        300,
        300,
        300,
        300,
        300,
        300,
        300,
        300,
        300,
        300,
        300,
        300,
        300,
        300,
        300,
        300,
        300,
        300,
        300,
        300
    ],
    "FrameReferenceTime": [
        14.9787,
        44.9787,
        74.9787,
        104.979,
        134.979,
        164.979,
        209.915,
        269.915,
        329.915,
        419.659,
        539.659,
        747.87,
        1047.87,
        1347.87,
        1647.87,
        1947.87,
        2247.87,
        2547.87,
        2847.87,
        3147.87,
        3447.87,
        3747.87,
        4047.87,
        4347.87,
        4647.87,
        4947.87,
        5247.87,
        5547.87,
        5847.87,
        6147.87,
        6447.87,
        6747.87,
        7047.87
    ],
    "SliceThickness": 2,
    "ImageOrientationPatientDICOM": [
        1,
        0,
        0,
        0,
        1,
        0
    ],
    "ConversionSoftware": [
        "dcm2niix",
        "pypet2bids"
    ],
    "ConversionSoftwareVersion": [
        "v1.0.20220720",
        "1.2.5"
    ],
    "ReconMethodName": "Point-Spread Function modelling Time Of Flight",
    "ReconMethodParameterUnits": [
        "none",
        "none"
    ],
    "ReconMethodParameterLabels": [
        "subsets",
        "iterations"
    ],
    "ReconMethodParameterValues": [
        21,
        3
    ],
    "AttenuationCorrection": "measured,AC_CT_Brain",
    "ScatterFraction": [
        0.255581
    ],
    "DecayCorrectionFactor": [
        8.4430702
    ],
    "TimeZero": "09:31:41",
    "ScanStart": 0,
    "InjectionStart": 0,
    "TracerName": "MC1",
    "TracerRadionuclide": "11C",
    "InjectedRadioactivity": 593110.0000000001,
    "InjectedRadioactivityUnits": "kBq",
    "InjectedMass": 27.621348835913057,
    "InjectedMassUnits": "nmol",
    "SpecificRadioactivity": 21.472883294853542,
    "SpecificRadioactivityUnits": "MBq/nmol",
    "ModeOfAdministration": "bolus",
    "AcquisitionMode": "list mode",
    "ImageDecayCorrected": true,
    "ImageDecayCorrectionTime": 0.0,
    "ReconFilterSize": 2.0,
    "ReconFilterType": "XYZ Gauss0"
}