{
  "Modality": "PT",
  "Manufacturer": "Siemens",
  "ManufacturersModelName": "petmct1",
  "InstitutionName": "NIH Clinical Center",
  "InstitutionalDepartmentName": "PET petmct1",
  "InstitutionAddress": "10 Center Drive, Bethesda, MD 20892",
  "DeviceSerialNumber": "11048",
  "StationName": "CTAWP71179",
  "PatientPosition": "FFS",
  "SoftwareVersions": "VG62B",
  "SeriesDescription": "PET_Brain_Dyn_TOF",
  "ProtocolName": "PET_Brain_Dyn_TOF",
  "ImageType": [
    "ORIGINAL",
    "PRIMARY"
  ],
  "SeriesNumber": 5,
  "AcquisitionNumber": 2001,
  "ImageComments": "Frame 1 of 27^AC_CT_Brain",
  "Radiopharmaceutical": "mc1",
  "RadionuclidePositronFraction": 0.997669,
  "RadionuclideTotalDose": 742590000.0,
  "RadionuclideHalfLife": 1220.04,
  "DoseCalibrationFactor": 30536800.0,
  "Units": "Bq/mL",
  "DecayCorrection": "ADMIN",
  "AttenuationCorrectionMethod": "measured,AC_CT_Brain",
  "DecayFactor": [
    1.01373,
    1.03115,
    1.04888,
    1.06691,
    1.08525,
    1.10391,
    1.13249,
    1.17176,
    1.21239,
    1.276,
    1.36603,
    1.53913,
    1.82514,
    2.1643,
    2.56648,
    3.0434,
    3.60895,
    4.27959,
    5.07485,
    6.0179,
    7.13618,
    8.46228,
    10.0348,
    11.8995,
    14.1108,
    16.733,
    19.8424
  ],
  "FrameTimesStart": [
    0,
    30,
    60,
    90,
    120,
    150,
    180,
    240,
    300,
    360,
    480,
    600,
    900,
    1200,
    1500,
    1800,
    2100,
    2400,
    2700,
    3000,
    3300,
    3600,
    3900,
    4200,
    4500,
    4800,
    5100
  ],
  "FrameDuration": [
    30,
    30,
    30,
    30,
    30,
    30,
    60,
    60,
    60,
    120,
    120,
    300,
    300,
    300,
    300,
    300,
    300,
    300,
    300,
    300,
    300,
    300,
    300,
    300,
    300,
    300,
    300
  ],
  "FrameReferenceTime": [
    14.9787,
    44.9787,
    74.9787,
    104.979,
    134.979,
    164.979,
    209.915,
    269.915,
    329.915,
    419.659,
    539.659,
    747.87,
    1047.87,
    1347.87,
    1647.87,
    1947.87,
    2247.87,
    2547.87,
    2847.87,
    3147.87,
    3447.87,
    3747.87,
    4047.87,
    4347.87,
    4647.87,
    4947.87,
    5247.87
  ],
  "SliceThickness": 2,
  "ImageOrientationPatientDICOM": [
    1,
    0,
    0,
    0,
    1,
    0
  ],
  "ConversionSoftware": [
    "dcm2niix",
    "pypet2bids"
  ],
  "ConversionSoftwareVersion": [
    "v1.0.20220720",
    "1.2.5"
  ],
  "ReconMethodName": "Point-Spread Function modelling Time Of Flight",
  "ReconMethodParameterUnits": [
    "none",
    "none"
  ],
  "ReconMethodParameterLabels": [
    "subsets",
    "iterations"
  ],
  "ReconMethodParameterValues": [
    21,
    3
  ],
  "AttenuationCorrection": "measured,AC_CT_Brain",
  "ScatterFraction": [
    0.300441
  ],
  "DecayCorrectionFactor": [
    14.110791
  ],
  "TimeZero": "10:00:10",
  "ScanStart": 0,
  "InjectionStart": 0,
  "TracerName": "MC1",
  "TracerRadionuclide": "11C",
  "InjectedRadioactivity": 742590.0,
  "InjectedRadioactivityUnits": "Bq",
  "InjectedMass": 7.881440905624183,
  "InjectedMassUnits": "nmol",
  "SpecificRadioactivity": 94.22008093343554,
  "SpecificRadioactivityUnits": "MBq/nmol",
  "ModeOfAdministration": "bolus",
  "AcquisitionMode": "listmode",
  "ImageDecayCorrected": true,
  "ImageDecayCorrectionTime": 0.0,
  "ReconFilterSize": 2.0,
  "ReconFilterType": "XYZ Gauss0"
}
