{
  "Modality": "PT",
  "Manufacturer": "Siemens",
  "ManufacturersModelName": "petmct2",
  "InstitutionName": "NIH Clinical Center",
  "InstitutionalDepartmentName": "PET petmct2",
  "InstitutionAddress": "10 Center Drive, Bethesda, MD 20892",
  "DeviceSerialNumber": "60005",
  "StationName": "MIAWP60005",
  "PatientPosition": "FFS",
  "SoftwareVersions": "VG62C",
  "SeriesDescription": "PET Brain Dyn TOF",
  "ProtocolName": "PET Brain Dyn TOF",
  "ImageType": [
    "ORIGINAL",
    "PRIMARY"
  ],
  "SeriesNumber": 5,
  "AcquisitionNumber": 2001,
  "ImageComments": "Frame 1 of 27^AC_CT_Brain",
  "Radiopharmaceutical": "mc1",
  "RadionuclidePositronFraction": 0.997669,
  "RadionuclideTotalDose": 765160000.0,
  "RadionuclideHalfLife": 1220.04,
  "DoseCalibrationFactor": 31130700.0,
  "Units": "Bq/mL",
  "DecayCorrection": "ADMIN",
  "AttenuationCorrectionMethod": "measured,AC_CT_Brain",
  "DecayFactor": [
    1.012,
    1.0294,
    1.04709,
    1.06509,
    1.0834,
    1.10203,
    1.13056,
    1.16977,
    1.21033,
    1.27383,
    1.3637,
    1.5365,
    1.82203,
    2.16061,
    2.56211,
    3.03822,
    3.6028,
    4.2723,
    5.06621,
    6.00765,
    7.12403,
    8.44787,
    10.0177,
    11.8793,
    14.0868,
    16.7045,
    19.8086
  ],
  "FrameTimesStart": [
    0,
    30,
    60,
    90,
    120,
    150,
    180,
    240,
    300,
    360,
    480,
    600,
    900,
    1200,
    1500,
    1800,
    2100,
    2400,
    2700,
    3000,
    3300,
    3600,
    3900,
    4200,
    4500,
    4800,
    5100
  ],
  "FrameDuration": [
    30,
    30,
    30,
    30,
    30,
    30,
    60,
    60,
    60,
    120,
    120,
    300,
    300,
    300,
    300,
    300,
    300,
    300,
    300,
    300,
    300,
    300,
    300,
    300,
    300,
    300,
    300
  ],
  "FrameReferenceTime": [
    14.9787,
    44.9787,
    74.9787,
    104.979,
    134.979,
    164.979,
    209.915,
    269.915,
    329.915,
    419.659,
    539.659,
    747.87,
    1047.87,
    1347.87,
    1647.87,
    1947.87,
    2247.87,
    2547.87,
    2847.87,
    3147.87,
    3447.87,
    3747.87,
    4047.87,
    4347.87,
    4647.87,
    4947.87,
    5247.87
  ],
  "SliceThickness": 2,
  "ImageOrientationPatientDICOM": [
    1,
    0,
    0,
    0,
    1,
    0
  ],
  "ConversionSoftware": [
    "dcm2niix",
    "pypet2bids"
  ],
  "ConversionSoftwareVersion": [
    "v1.0.20220720",
    "1.2.5"
  ],
  "ReconMethodName": "Point-Spread Function modelling Time Of Flight",
  "ReconMethodParameterUnits": [
    "none",
    "none"
  ],
  "ReconMethodParameterLabels": [
    "subsets",
    "iterations"
  ],
  "ReconMethodParameterValues": [
    21,
    3
  ],
  "AttenuationCorrection": "measured,AC_CT_Brain",
  "ScatterFraction": [
    0.256708
  ],
  "DecayCorrectionFactor": [
    7.1240309
  ],
  "TimeZero": "10:00:08",
  "ScanStart": 0,
  "InjectionStart": 0,
  "TracerName": "MC1",
  "TracerRadionuclide": "11C",
  "InjectedRadioactivity": 765160.0,
  "InjectedRadioactivityUnits": "Bq",
  "InjectedMass": 6.6661875060966915,
  "InjectedMassUnits": "nmol",
  "SpecificRadioactivity": 114.78224986924056,
  "SpecificRadioactivityUnits": "MBq/nmol",
  "ModeOfAdministration": "bolus",
  "AcquisitionMode": "list mode",
  "ImageDecayCorrected": true,
  "ImageDecayCorrectionTime": 0.0,
  "ReconFilterSize": 2.0,
  "ReconFilterType": "XYZ Gauss0"
}
